NUGET
  remote: https://www.nuget.org/api/v2
  specs:
    FAKE (4.1.3)
    FSharp.Core (4.0.0.1)
    FsUnit (1.3.1.0)
      NUnit (2.6.4)
    NUnit (2.6.4)
    NUnit.Runners (2.6.4)
